##TITLE= Parameter file, TopSpin 4.4.1
##JCAMPDX= 5.0
##DATATYPE= Parameter Values
##NPOINTS= 1	$$ modification sequence number
##ORIGIN= Bruker BioSpin GmbH & Co. KG
##OWNER= nmr
$$ 2026-04-03 11:30:30.098 -0700  nmr@CZC84177NN
$$ C:\Spintropy\Data\1775241030.08/D2O_Diff_100ms_6ms/22/acqu2s
$$ process C:\Bruker\TopSpin4.4.1\prog\mod\dirdata.exe
##$ACQT0= 0
##$BF1= 500.15
##$FnILOOP= 1
##$FnMODE= 1
##$NUC1= <1H>
##$NusJSP= 0
##$NusT2= 1
##$NusTD= 16
##$O1= 3088.426
##$ProjAngle= 0
##$SFO1= 500.153088426
##$SW= 9.99695391404669
##$SW_h= 5000.00737496284
##$TD= 16
##END=
